GEM
  remote: https://rubygems.org/
  specs:
    bindata (2.3.0)
    configatron (3.2.0)
    ffi (1.9.10)
    lifx (0.4.11)
      bindata (~> 2.0)
      configatron (~> 3.0)
      timers (~> 1.0)
    rubyserial (0.2.4)
      ffi (~> 1.9.3)
    serialport (1.3.1)
    timers (1.1.0)

PLATFORMS
  ruby

DEPENDENCIES
  lifx
  rubyserial
  serialport

BUNDLED WITH
   1.11.2
